GIT
  remote: https://github.com/pooza/rubicure
  revision: bda4e504cf41e39fc0783046bd5415f20eed505e
  branch: master.pooza
  specs:
    rubicure (2.0.1.0)
      activesupport (>= 5.0.0)
      hashie (>= 2.0.5)
      sengiri_yaml (>= 0.0.2)

GIT
  remote: https://github.com/sue445/onkcop
  revision: 9b699e460afda931aaf0b5f03fda64828fd6fb1a
  branch: develop
  specs:
    onkcop (1.0.0.0)
      rubocop (>= 0.80.0)
      rubocop-rspec (>= 1.34.0)

GEM
  remote: https://rubygems.org/
  specs:
    activesupport (6.1.3.1)
      concurrent-ruby (~> 1.0, >= 1.0.2)
      i18n (>= 1.6, < 2)
      minitest (>= 5.1)
      tzinfo (~> 2.0)
      zeitwerk (~> 2.3)
    ast (2.4.2)
    concurrent-ruby (1.1.8)
    hashie (4.1.0)
    holiday_jp (0.8.0)
    i18n (1.8.9)
      concurrent-ruby (~> 1.0)
    icalendar (2.7.1)
      ice_cube (~> 0.16)
    ice_cube (0.16.3)
    minitest (5.14.4)
    multi_json (1.15.0)
    mustermann (1.1.1)
      ruby2_keywords (~> 0.0.1)
    nio4r (2.5.5)
    parallel (1.20.1)
    parser (3.0.0.0)
      ast (~> 2.4.1)
    power_assert (2.0.0)
    puma (4.3.7)
      nio4r (~> 2.0)
    rack (2.2.3)
    rack-protection (2.1.0)
      rack
    rack-test (1.1.0)
      rack (>= 1.0, < 3)
    rainbow (3.0.0)
    rake (13.0.3)
    regexp_parser (2.1.1)
    rexml (3.2.4)
    rollbar (3.1.2)
    rubocop (1.11.0)
      parallel (~> 1.10)
      parser (>= 3.0.0.0)
      rainbow (>= 2.2.2, < 4.0)
      regexp_parser (>= 1.8, < 3.0)
      rexml
      rubocop-ast (>= 1.2.0, < 2.0)
      ruby-progressbar (~> 1.7)
      unicode-display_width (>= 1.4.0, < 3.0)
    rubocop-ast (1.4.1)
      parser (>= 2.7.1.5)
    rubocop-performance (1.10.1)
      rubocop (>= 0.90.0, < 2.0)
      rubocop-ast (>= 0.4.0)
    rubocop-rake (0.5.1)
      rubocop
    rubocop-rspec (2.2.0)
      rubocop (~> 1.0)
      rubocop-ast (>= 1.1.0)
    ruby-progressbar (1.11.0)
    ruby2_keywords (0.0.4)
    rubydoctest (1.1.5)
    sengiri_yaml (0.0.3)
    sinatra (2.1.0)
      mustermann (~> 1.0)
      rack (~> 2.2)
      rack-protection (= 2.1.0)
      tilt (~> 2.0)
    sinatra-contrib (2.1.0)
      multi_json
      mustermann (~> 1.0)
      rack-protection (= 2.1.0)
      sinatra (= 2.1.0)
      tilt (~> 2.0)
    slim (4.1.0)
      temple (>= 0.7.6, < 0.9)
      tilt (>= 2.0.6, < 2.1)
    syslog-logger (1.6.8)
    temple (0.8.2)
    test-unit (3.4.0)
      power_assert
    tilt (2.0.10)
    timecop (0.9.4)
    tzinfo (2.0.4)
      concurrent-ruby (~> 1.0)
    unicode-display_width (2.0.0)
    zeitwerk (2.4.2)

PLATFORMS
  ruby
  x86_64-freebsd-12

DEPENDENCIES
  activesupport
  holiday_jp
  icalendar
  onkcop!
  puma (< 5)
  rack-test
  rake
  rollbar
  rubicure!
  rubocop-performance
  rubocop-rake
  rubydoctest
  sinatra
  sinatra-contrib
  slim
  syslog-logger
  test-unit
  timecop

RUBY VERSION
   ruby 2.5.8p224

BUNDLED WITH
   2.2.4
