GEM
  remote: https://rubygems.org/
  specs:
    activesupport (5.1.4)
      concurrent-ruby (~> 1.0, >= 1.0.2)
      i18n (~> 0.7)
      minitest (~> 5.1)
      tzinfo (~> 1.1)
    ast (2.3.0)
    backports (3.10.3)
    concurrent-ruby (1.0.5)
    foreman (0.84.0)
      thor (~> 0.19.1)
    hashie (3.5.6)
    holiday_jp (0.5.1)
    i18n (0.9.1)
      concurrent-ruby (~> 1.0)
    icalendar (2.4.1)
    jemalloc (1.0.1)
    minitest (5.10.3)
    multi_json (1.12.2)
    mustermann (1.0.1)
    onkcop (0.51.0.1)
      rubocop (~> 0.51.0)
      rubocop-rspec (>= 1.20.0)
    parallel (1.12.1)
    parser (2.4.0.2)
      ast (~> 2.3)
    power_assert (1.1.1)
    powerpack (0.1.1)
    puma (3.11.0)
    rack (2.0.3)
    rack-protection (2.0.0)
      rack
    rack-test (0.8.2)
      rack (>= 1.0, < 3)
    rainbow (2.2.2)
      rake
    rake (12.3.0)
    rollbar (2.15.5)
      multi_json
    rubicure (1.0.7)
      activesupport (>= 5.0.0)
      hashie (>= 2.0.5)
      sengiri_yaml (>= 0.0.2)
    rubocop (0.51.0)
      parallel (~> 1.10)
      parser (>= 2.3.3.1, < 3.0)
      powerpack (~> 0.1)
      rainbow (>= 2.2.2, < 3.0)
      ruby-progressbar (~> 1.7)
      unicode-display_width (~> 1.0, >= 1.0.1)
    rubocop-rspec (1.20.1)
      rubocop (>= 0.51.0)
    ruby-progressbar (1.9.0)
    sengiri_yaml (0.0.3)
    sinatra (2.0.0)
      mustermann (~> 1.0)
      rack (~> 2.0)
      rack-protection (= 2.0.0)
      tilt (~> 2.0)
    sinatra-contrib (2.0.0)
      backports (>= 2.0)
      multi_json
      mustermann (~> 1.0)
      rack-protection (= 2.0.0)
      sinatra (= 2.0.0)
      tilt (>= 1.3, < 3)
    slim (3.0.9)
      temple (>= 0.7.6, < 0.9)
      tilt (>= 1.3.3, < 2.1)
    temple (0.8.0)
    test-unit (3.2.7)
      power_assert
    thor (0.19.4)
    thread_safe (0.3.6)
    tilt (2.0.8)
    timecop (0.9.1)
    tzinfo (1.2.4)
      thread_safe (~> 0.1)
    unicode-display_width (1.3.0)

PLATFORMS
  ruby

DEPENDENCIES
  activesupport
  foreman
  holiday_jp
  icalendar
  jemalloc
  onkcop
  puma
  rack-test
  rake
  rollbar
  rubicure
  sinatra
  sinatra-contrib
  slim
  test-unit
  timecop

BUNDLED WITH
   1.16.0
