GEM
  remote: https://rubygems.org/
  specs:
    activesupport (5.0.1)
      concurrent-ruby (~> 1.0, >= 1.0.2)
      i18n (~> 0.7)
      minitest (~> 5.1)
      tzinfo (~> 1.1)
    backports (3.6.8)
    concurrent-ruby (1.0.4)
    foreman (0.83.0)
      thor (~> 0.19.1)
    hashie (3.5.5)
    i18n (0.8.1)
    icalendar (2.4.1)
    jemalloc (1.0.1)
    minitest (5.10.1)
    multi_json (1.12.1)
    power_assert (1.0.1)
    puma (3.7.1)
    rack (1.6.5)
    rack-protection (1.5.3)
      rack
    rack-test (0.6.3)
      rack (>= 1.0)
    rake (12.0.0)
    rollbar (2.14.0)
      multi_json
    rubicure (1.0.0.pre4)
      activesupport (>= 5.0.0)
      hashie (>= 2.0.5)
      sengiri_yaml (>= 0.0.2)
    sengiri_yaml (0.0.3)
    sinatra (1.4.8)
      rack (~> 1.5)
      rack-protection (~> 1.4)
      tilt (>= 1.3, < 3)
    sinatra-contrib (1.4.7)
      backports (>= 2.0)
      multi_json
      rack-protection
      rack-test
      sinatra (~> 1.4.0)
      tilt (>= 1.3, < 3)
    slim (3.0.7)
      temple (~> 0.7.6)
      tilt (>= 1.3.3, < 2.1)
    temple (0.7.7)
    test-unit (3.2.3)
      power_assert
    thor (0.19.4)
    thread_safe (0.3.6)
    tilt (2.0.6)
    timecop (0.8.1)
    tzinfo (1.2.2)
      thread_safe (~> 0.1)

PLATFORMS
  ruby

DEPENDENCIES
  activesupport
  foreman
  icalendar
  jemalloc
  puma
  rake
  rollbar
  rubicure (~> 1.0.0.pre3)
  sinatra
  sinatra-contrib
  slim
  test-unit
  timecop

RUBY VERSION
   ruby 2.4.0p0

BUNDLED WITH
   1.14.3
