GIT
  remote: https://github.com/pooza/rubicure
  revision: dcc6145dcb560bc4f185f238cd8475123acf407a
  branch: master.pooza
  specs:
    rubicure (1.3.2.0)
      activesupport (>= 5.0.0)
      hashie (>= 2.0.5)
      sengiri_yaml (>= 0.0.2)

GIT
  remote: https://github.com/sue445/onkcop
  revision: 4f7e76b93efff0b7d4d7d9058a487d435479b129
  branch: develop
  specs:
    onkcop (0.53.0.3)
      rubocop (>= 0.53.0)
      rubocop-rspec (>= 1.24.0)

GEM
  remote: https://rubygems.org/
  specs:
    activesupport (6.0.3)
      concurrent-ruby (~> 1.0, >= 1.0.2)
      i18n (>= 0.7, < 2)
      minitest (~> 5.1)
      tzinfo (~> 1.1)
      zeitwerk (~> 2.2, >= 2.2.2)
    ast (2.4.0)
    backports (3.17.1)
    concurrent-ruby (1.1.6)
    hashie (4.1.0)
    holiday_jp (0.7.1)
    i18n (1.8.2)
      concurrent-ruby (~> 1.0)
    icalendar (2.6.1)
      ice_cube (~> 0.16)
    ice_cube (0.16.3)
    jaro_winkler (1.5.4)
    minitest (5.14.0)
    multi_json (1.14.1)
    mustermann (1.1.1)
      ruby2_keywords (~> 0.0.1)
    nio4r (2.5.2)
    parallel (1.19.1)
    parser (2.7.1.1)
      ast (~> 2.4.0)
    power_assert (1.2.0)
    puma (4.3.3)
      nio4r (~> 2.0)
    rack (2.2.2)
    rack-protection (2.0.8.1)
      rack
    rack-test (1.1.0)
      rack (>= 1.0, < 3)
    rainbow (3.0.0)
    rake (13.0.1)
    rexml (3.2.4)
    rollbar (2.25.0)
    rubocop (0.82.0)
      jaro_winkler (~> 1.5.1)
      parallel (~> 1.10)
      parser (>= 2.7.0.1)
      rainbow (>= 2.2.2, < 4.0)
      rexml
      ruby-progressbar (~> 1.7)
      unicode-display_width (>= 1.4.0, < 2.0)
    rubocop-performance (1.5.2)
      rubocop (>= 0.71.0)
    rubocop-rspec (1.38.1)
      rubocop (>= 0.68.1)
    ruby-progressbar (1.10.1)
    ruby2_keywords (0.0.2)
    rubydoctest (1.1.5)
    sengiri_yaml (0.0.3)
    sinatra (2.0.8.1)
      mustermann (~> 1.0)
      rack (~> 2.0)
      rack-protection (= 2.0.8.1)
      tilt (~> 2.0)
    sinatra-contrib (2.0.8.1)
      backports (>= 2.8.2)
      multi_json
      mustermann (~> 1.0)
      rack-protection (= 2.0.8.1)
      sinatra (= 2.0.8.1)
      tilt (~> 2.0)
    slim (4.0.1)
      temple (>= 0.7.6, < 0.9)
      tilt (>= 2.0.6, < 2.1)
    syslog-logger (1.6.8)
    temple (0.8.2)
    test-unit (3.3.5)
      power_assert
    thread_safe (0.3.6)
    tilt (2.0.10)
    timecop (0.9.1)
    tzinfo (1.2.7)
      thread_safe (~> 0.1)
    unicode-display_width (1.7.0)
    zeitwerk (2.3.0)

PLATFORMS
  ruby

DEPENDENCIES
  activesupport
  holiday_jp
  icalendar
  onkcop!
  puma
  rack-test
  rake
  rollbar
  rubicure!
  rubocop-performance
  rubydoctest
  sinatra
  sinatra-contrib
  slim
  syslog-logger
  test-unit
  timecop

RUBY VERSION
   ruby 2.5.7p206

BUNDLED WITH
   2.1.4
