GEM
  remote: https://rubygems.org/
  specs:
    activesupport (5.1.1)
      concurrent-ruby (~> 1.0, >= 1.0.2)
      i18n (~> 0.7)
      minitest (~> 5.1)
      tzinfo (~> 1.1)
    backports (3.8.0)
    concurrent-ruby (1.0.5)
    foreman (0.84.0)
      thor (~> 0.19.1)
    hashie (3.5.5)
    i18n (0.8.4)
    icalendar (2.4.1)
    jemalloc (1.0.1)
    minitest (5.10.2)
    multi_json (1.12.1)
    mustermann (1.0.0)
    power_assert (1.0.2)
    puma (3.9.0)
    rack (2.0.3)
    rack-protection (2.0.0)
      rack
    rack-test (0.6.3)
      rack (>= 1.0)
    rake (12.0.0)
    rollbar (2.14.1)
      multi_json
    rubicure (1.0.3)
      activesupport (>= 5.0.0)
      hashie (>= 2.0.5)
      sengiri_yaml (>= 0.0.2)
    sengiri_yaml (0.0.3)
    sinatra (2.0.0)
      mustermann (~> 1.0)
      rack (~> 2.0)
      rack-protection (= 2.0.0)
      tilt (~> 2.0)
    sinatra-contrib (2.0.0)
      backports (>= 2.0)
      multi_json
      mustermann (~> 1.0)
      rack-protection (= 2.0.0)
      sinatra (= 2.0.0)
      tilt (>= 1.3, < 3)
    slim (3.0.8)
      temple (>= 0.7.6, < 0.9)
      tilt (>= 1.3.3, < 2.1)
    temple (0.8.0)
    test-unit (3.2.4)
      power_assert
    thor (0.19.4)
    thread_safe (0.3.6)
    tilt (2.0.7)
    timecop (0.8.1)
    tzinfo (1.2.3)
      thread_safe (~> 0.1)

PLATFORMS
  ruby

DEPENDENCIES
  activesupport
  foreman
  icalendar
  jemalloc
  puma
  rack-test
  rake
  rollbar
  rubicure
  sinatra
  sinatra-contrib
  slim
  test-unit
  timecop

BUNDLED WITH
   1.14.6
